GEM
  remote: http://rubygems.org/
  specs:
    bluecloth (2.0.7)
    gli (1.1.1)
    json (1.4.3)
    nokogiri (1.4.2)
    rack (1.2.1)
    showoff (0.2.4)
      bluecloth
      gli (>= 1.1.0)
      json
      nokogiri
      sinatra
    sinatra (1.0)
      rack (>= 1.0)

PLATFORMS
  ruby

DEPENDENCIES
  bluecloth
  nokogiri
  showoff
